GEM
  remote: http://rubygems.org/
  specs:
    addressable (2.2.1)
    anise (0.4.0)
      facets (> 2.4.0)
    daemons (1.1.0)
    data_objects (0.10.2)
      addressable (~> 2.1)
    dm-core (1.0.2)
      addressable (~> 2.2)
      extlib (~> 0.9.15)
    dm-do-adapter (1.0.2)
      data_objects (~> 0.10.2)
      dm-core (~> 1.0.2)
    dm-migrations (1.0.2)
      dm-core (~> 1.0.2)
    dm-mysql-adapter (1.0.2)
      dm-do-adapter (~> 1.0.2)
      do_mysql (~> 0.10.2)
    do_mysql (0.10.2)
      data_objects (= 0.10.2)
    extlib (0.9.15)
    facets (2.8.4)

PLATFORMS
  ruby

DEPENDENCIES
  anise
  daemons
  dm-core
  dm-migrations
  dm-mysql-adapter
  facets
